PATH
  remote: .
  specs:
    avatax (14.4.4)
      addressable (~> 2.3)
      json (>= 1.8, < 3.0)
      rest-client (~> 1.7)

GEM
  remote: https://rubygems.org/
  specs:
    addressable (2.8.4)
      public_suffix (>= 2.0.2, < 6.0)
    domain_name (0.5.20190701)
      unf (>= 0.0.5, < 1.0.0)
    http-cookie (1.0.5)
      domain_name (~> 0.5)
    json (2.6.3)
    mime-types (2.99.3)
    netrc (0.11.0)
    public_suffix (5.0.3)
    rest-client (1.8.0)
      http-cookie (>= 1.0.2, < 2.0)
      mime-types (>= 1.16, < 3.0)
      netrc (~> 0.7)
    unf (0.1.4)
      unf_ext
    unf_ext (0.0.8.2)

PLATFORMS
  ruby

DEPENDENCIES
  avatax!
